PATH
  remote: .
  specs:
    akasha (0.4.0.edge2)
      corefines (~> 1.11)
      faraday (~> 0.15)
      faraday_middleware
      rack (~> 2.0)
      retries (~> 0.0)
      typhoeus (~> 1.3)

GEM
  remote: https://rubygems.org/
  specs:
    ast (2.3.0)
    byebug (10.0.2)
    coderay (1.1.2)
    corefines (1.11.0)
    diff-lcs (1.3)
    ethon (0.11.0)
      ffi (>= 1.3.0)
    faraday (0.15.2)
      multipart-post (>= 1.2, < 3)
    faraday_middleware (0.12.2)
      faraday (>= 0.7.4, < 1.0)
    ffi (1.9.25)
    method_source (0.9.0)
    multipart-post (2.0.0)
    parallel (1.12.0)
    parser (2.4.0.0)
      ast (~> 2.2)
    powerpack (0.1.1)
    pry (0.11.3)
      coderay (~> 1.1.0)
      method_source (~> 0.9.0)
    pry-byebug (3.6.0)
      byebug (~> 10.0)
      pry (~> 0.10)
    rack (2.0.5)
    rainbow (2.2.2)
      rake
    rake (10.5.0)
    retries (0.0.5)
    rspec (3.7.0)
      rspec-core (~> 3.7.0)
      rspec-expectations (~> 3.7.0)
      rspec-mocks (~> 3.7.0)
    rspec-core (3.7.1)
      rspec-support (~> 3.7.0)
    rspec-expectations (3.7.0)
      diff-lcs (>= 1.2.0, < 2.0)
      rspec-support (~> 3.7.0)
    rspec-mocks (3.7.0)
      diff-lcs (>= 1.2.0, < 2.0)
      rspec-support (~> 3.7.0)
    rspec-support (3.7.1)
    rspec-wait (0.0.9)
      rspec (>= 3, < 4)
    rubocop (0.50.0)
      parallel (~> 1.10)
      parser (>= 2.3.3.1, < 3.0)
      powerpack (~> 0.1)
      rainbow (>= 2.2.2, < 3.0)
      ruby-progressbar (~> 1.7)
      unicode-display_width (~> 1.0, >= 1.0.1)
    ruby-progressbar (1.9.0)
    timecop (0.9.1)
    typhoeus (1.3.0)
      ethon (>= 0.9.0)
    unicode-display_width (1.3.0)

PLATFORMS
  ruby

DEPENDENCIES
  akasha!
  bundler (~> 1.16)
  pry-byebug
  rake (~> 10.0)
  rspec (~> 3.7)
  rspec-wait (~> 0.0.9)
  rubocop (~> 0.50)
  timecop (~> 0.9)

BUNDLED WITH
   1.16.2
